PATH
  remote: .
  specs:
    smart_message (0.0.9)
      activesupport
      breaker_machines
      colorize
      concurrent-ruby
      hashie
      lumberjack
      redis
      zeitwerk

GEM
  remote: https://rubygems.org/
  specs:
    activesupport (8.0.2.1)
      base64
      benchmark (>= 0.3)
      bigdecimal
      concurrent-ruby (~> 1.0, >= 1.3.1)
      connection_pool (>= 2.2.5)
      drb
      i18n (>= 1.6, < 2)
      logger (>= 1.4.2)
      minitest (>= 5.1)
      securerandom (>= 0.3)
      tzinfo (~> 2.0, >= 2.0.5)
      uri (>= 0.13.1)
    amazing_print (1.8.1)
    base64 (0.3.0)
    benchmark (0.4.1)
    bigdecimal (3.2.2)
    breaker_machines (0.4.0)
      activesupport (>= 7.2)
      concurrent-ruby (~> 1.3)
      state_machines (>= 0.50.0)
      zeitwerk (~> 2.7)
    colorize (1.1.0)
    concurrent-ruby (1.3.5)
    connection_pool (2.5.3)
    debug_me (1.1.1)
    drb (2.2.3)
    hashie (5.0.0)
    i18n (1.14.7)
      concurrent-ruby (~> 1.0)
    logger (1.7.0)
    lumberjack (1.4.0)
    minitest (5.25.5)
    minitest-power_assert (0.3.1)
      minitest
      power_assert (>= 1.1)
    mutex_m (0.3.0)
    power_assert (2.0.5)
    rake (13.3.0)
    redis (5.4.1)
      redis-client (>= 0.22.0)
    redis-client (0.25.2)
      connection_pool
    securerandom (0.4.1)
    shoulda (4.0.0)
      shoulda-context (~> 2.0)
      shoulda-matchers (~> 4.0)
    shoulda-context (2.0.0)
    shoulda-matchers (4.5.1)
      activesupport (>= 4.2.0)
    state_machines (0.100.1)
    tzinfo (2.0.6)
      concurrent-ruby (~> 1.0)
    uri (1.0.3)
    zeitwerk (2.7.3)

PLATFORMS
  arm64-darwin-24
  x86_64-darwin-20

DEPENDENCIES
  amazing_print
  bundler
  debug_me
  minitest
  minitest-power_assert
  mutex_m
  rake
  shoulda
  smart_message!

BUNDLED WITH
   2.7.1
