PATH
  remote: .
  specs:
    smart_message (0.0.2)
      activesupport
      concurrent-ruby
      concurrent-ruby-ext
      hashie

GEM
  remote: https://rubygems.org/
  specs:
    activesupport (7.0.2.3)
      concurrent-ruby (~> 1.0, >= 1.0.2)
      i18n (>= 1.6, < 2)
      minitest (>= 5.1)
      tzinfo (~> 2.0)
    amazing_print (1.4.0)
    concurrent-ruby (1.1.9)
    concurrent-ruby-ext (1.1.9)
      concurrent-ruby (= 1.1.9)
    debug_me (1.1.0)
    hashie (5.0.0)
    i18n (1.10.0)
      concurrent-ruby (~> 1.0)
    minitest (5.15.0)
    minitest-power_assert (0.3.1)
      minitest
      power_assert (>= 1.1)
    power_assert (2.0.1)
    rake (13.0.6)
    shoulda (4.0.0)
      shoulda-context (~> 2.0)
      shoulda-matchers (~> 4.0)
    shoulda-context (2.0.0)
    shoulda-matchers (4.5.1)
      activesupport (>= 4.2.0)
    tzinfo (2.0.4)
      concurrent-ruby (~> 1.0)

PLATFORMS
  x86_64-darwin-20

DEPENDENCIES
  amazing_print
  bundler
  debug_me
  minitest
  minitest-power_assert
  rake
  shoulda
  smart_message!

BUNDLED WITH
   2.3.9
